GEM
  remote: http://rubygems.org/
  specs:
    abstract (1.0.0)
    actionmailer (3.0.3)
      actionpack (= 3.0.3)
      mail (~> 2.2.9)
    actionpack (3.0.3)
      activemodel (= 3.0.3)
      activesupport (= 3.0.3)
      builder (~> 2.1.2)
      erubis (~> 2.6.6)
      i18n (~> 0.4)
      rack (~> 1.2.1)
      rack-mount (~> 0.6.13)
      rack-test (~> 0.5.6)
      tzinfo (~> 0.3.23)
    activemodel (3.0.3)
      activesupport (= 3.0.3)
      builder (~> 2.1.2)
      i18n (~> 0.4)
    activerecord (3.0.3)
      activemodel (= 3.0.3)
      activesupport (= 3.0.3)
      arel (~> 2.0.2)
      tzinfo (~> 0.3.23)
    activeresource (3.0.3)
      activemodel (= 3.0.3)
      activesupport (= 3.0.3)
    activesupport (3.0.3)
    adyen (1.0.0)
    arel (2.0.7)
    bcrypt-ruby (2.1.4)
    builder (2.1.2)
    capybara (0.4.1.1)
      celerity (>= 0.7.9)
      culerity (>= 0.2.4)
      mime-types (>= 1.16)
      nokogiri (>= 1.3.3)
      rack (>= 1.0.0)
      rack-test (>= 0.5.4)
      selenium-webdriver (>= 0.0.27)
      xpath (~> 0.1.3)
    celerity (0.8.7)
    childprocess (0.1.6)
      ffi (~> 0.6.3)
    configuration (1.1.0)
    cucumber (0.8.5)
      builder (~> 2.1.2)
      diff-lcs (~> 1.1.2)
      gherkin (~> 2.1.4)
      json_pure (~> 1.4.3)
      term-ansicolor (~> 1.0.4)
    cucumber-rails (0.3.2)
      cucumber (>= 0.8.0)
    culerity (0.2.15)
    database_cleaner (0.6.0)
    devise (1.1.5)
      bcrypt-ruby (~> 2.1.2)
      warden (~> 1.0.2)
    diff-lcs (1.1.2)
    erubis (2.6.6)
      abstract (>= 1.0.0)
    eu_central_bank (0.1.5)
      money (= 3.5.4)
      nokogiri (>= 1.4.1)
    ffaker (1.2.0)
    ffi (0.6.3)
      rake (>= 0.8.7)
    formtastic (1.2.3)
      actionpack (>= 2.3.7)
      activesupport (>= 2.3.7)
      i18n (~> 0.4)
    gherkin (2.1.5)
      trollop (~> 1.16.2)
    haml (3.0.25)
    has_scope (0.5.0)
    hoptoad_notifier (2.4.2)
      activesupport
      builder
    i18n (0.5.0)
    inherited_resources (1.2.0)
      has_scope (~> 0.5.0)
      responders (~> 0.6.0)
    json (1.4.6)
    json_pure (1.4.6)
    launchy (0.3.7)
      configuration (>= 0.0.5)
      rake (>= 0.8.1)
    macaddr (1.0.0)
    machinist (1.0.6)
    mail (2.2.15)
      activesupport (>= 2.3.6)
      i18n (>= 0.4.0)
      mime-types (~> 1.16)
      treetop (~> 1.4.8)
    mime-types (1.16)
    mocha (0.9.10)
      rake
    money (3.5.4)
      i18n (~> 0.4)
    mysql2 (0.2.6)
    nokogiri (1.4.4)
    paperclip (2.3.8)
      activerecord
      activesupport
    polyglot (0.3.1)
    rack (1.2.1)
    rack-mount (0.6.13)
      rack (>= 1.0.0)
    rack-test (0.5.7)
      rack (>= 1.0)
    rails (3.0.3)
      actionmailer (= 3.0.3)
      actionpack (= 3.0.3)
      activerecord (= 3.0.3)
      activeresource (= 3.0.3)
      activesupport (= 3.0.3)
      bundler (~> 1.0)
      railties (= 3.0.3)
    railties (3.0.3)
      actionpack (= 3.0.3)
      activesupport (= 3.0.3)
      rake (>= 0.8.7)
      thor (~> 0.14.4)
    rake (0.8.7)
    redis (2.0.10)
    redis-namespace (0.8.0)
      redis (< 3.0.0)
    responders (0.6.2)
    resque (1.10.0)
      json (~> 1.4.6)
      redis-namespace (~> 0.8.0)
      sinatra (>= 0.9.2)
      vegas (~> 0.1.2)
    riddle (1.2.2)
    rmagick (2.13.1)
    rspec (2.4.0)
      rspec-core (~> 2.4.0)
      rspec-expectations (~> 2.4.0)
      rspec-mocks (~> 2.4.0)
    rspec-core (2.4.0)
    rspec-expectations (2.4.0)
      diff-lcs (~> 1.1.2)
    rspec-mocks (2.4.0)
    rspec-rails (2.4.1)
      actionpack (~> 3.0)
      activesupport (~> 3.0)
      railties (~> 3.0)
      rspec (~> 2.4.0)
    rubyzip (0.9.4)
    selenium-webdriver (0.1.2)
      childprocess (~> 0.1.5)
      ffi (~> 0.6.3)
      json_pure
      rubyzip
    sinatra (1.0)
      rack (>= 1.0)
    spork (0.8.4)
    term-ansicolor (1.0.5)
    thinking-sphinx (2.0.2)
      activerecord (>= 3.0.3)
      riddle (>= 1.2.2)
    thor (0.14.6)
    treetop (1.4.9)
      polyglot (>= 0.3.1)
    trollop (1.16.2)
    tzinfo (0.3.24)
    vegas (0.1.7)
      rack (>= 1.0.0)
    warden (1.0.3)
      rack (>= 1.0.0)
    will_paginate (3.0.pre2)
    xpath (0.1.3)
      nokogiri (~> 1.3)

PLATFORMS
  ruby

DEPENDENCIES
  adyen (= 1.0.0)
  capybara (= 0.4.1.1)
  cucumber-rails (= 0.3.2)
  database_cleaner (= 0.6.0)
  devise (= 1.1.5)
  eu_central_bank (= 0.1.5)
  ffaker (= 1.2.0)
  formtastic (= 1.2.3)
  haml (= 3.0.25)
  hoptoad_notifier (= 2.4.2)
  inherited_resources (= 1.2.0)
  launchy (= 0.3.7)
  macaddr (= 1.0.0)
  machinist (= 1.0.6)
  mime-types (= 1.16)
  mocha (= 0.9.10)
  money (= 3.5.4)
  mysql2 (= 0.2.6)
  paperclip (= 2.3.8)
  rails (= 3.0.3)
  resque (= 1.10.0)
  rmagick (= 2.13.1)
  rspec-rails (= 2.4.1)
  rubyzip (= 0.9.4)
  spork (= 0.8.4)
  thinking-sphinx (= 2.0.2)
  will_paginate (= 3.0.pre2)
